GIT
  remote: git://github.com/plataformatec/devise.git
  revision: 748eced9e8502b31c07dc8ee0e02e3c7855c14df
  tag: v1.1.rc2
  specs:
    devise (1.1.rc2)
      bcrypt-ruby (~> 2.1.2)
      warden (~> 0.10.7)

GEM
  remote: http://rubygems.org/
  specs:
    RedCloth (4.2.3)
    abstract (1.0.0)
    actionmailer (3.0.0.rc)
      actionpack (= 3.0.0.rc)
      mail (~> 2.2.5)
    actionpack (3.0.0.rc)
      activemodel (= 3.0.0.rc)
      activesupport (= 3.0.0.rc)
      builder (~> 2.1.2)
      erubis (~> 2.6.6)
      i18n (~> 0.4.1)
      rack (~> 1.2.1)
      rack-mount (~> 0.6.9)
      rack-test (~> 0.5.4)
      tzinfo (~> 0.3.22)
    activemodel (3.0.0.rc)
      activesupport (= 3.0.0.rc)
      builder (~> 2.1.2)
      i18n (~> 0.4.1)
    activerecord (3.0.0.rc)
      activemodel (= 3.0.0.rc)
      activesupport (= 3.0.0.rc)
      arel (~> 0.4.0)
      tzinfo (~> 0.3.22)
    activeresource (3.0.0.rc)
      activemodel (= 3.0.0.rc)
      activesupport (= 3.0.0.rc)
    activesupport (3.0.0.rc)
    arel (0.4.0)
      activesupport (>= 3.0.0.beta)
    aws-s3 (0.6.2)
      builder
      mime-types
      xml-simple
    bcrypt-ruby (2.1.2)
    builder (2.1.2)
    columnize (0.3.1)
    erubis (2.6.6)
      abstract (>= 1.0.0)
    factory_girl (1.3.2)
    factory_girl_rails (1.0)
      factory_girl (~> 1.3)
      rails (>= 3.0.0.beta4)
    i18n (0.4.1)
    jquery-rails (0.2)
      rails (~> 3.0.0)
    linecache (0.43)
    mail (2.2.6.1)
      activesupport (>= 2.3.6)
      mime-types
      treetop (>= 1.4.5)
    mime-types (1.16)
    paperclip (2.3.3)
      activerecord
      activesupport
    polyglot (0.3.1)
    rack (1.2.1)
    rack-mount (0.6.13)
      rack (>= 1.0.0)
    rack-test (0.5.6)
      rack (>= 1.0)
    rails (3.0.0.rc)
      actionmailer (= 3.0.0.rc)
      actionpack (= 3.0.0.rc)
      activerecord (= 3.0.0.rc)
      activeresource (= 3.0.0.rc)
      activesupport (= 3.0.0.rc)
      bundler (>= 1.0.0.rc.1)
      railties (= 3.0.0.rc)
    railties (3.0.0.rc)
      actionpack (= 3.0.0.rc)
      activesupport (= 3.0.0.rc)
      rake (>= 0.8.3)
      thor (~> 0.14.0)
    rake (0.8.7)
    rmagick (2.13.1)
    ruby-debug (0.10.3)
      columnize (>= 0.1)
      ruby-debug-base (~> 0.10.3.0)
    ruby-debug-base (0.10.3)
      linecache (>= 0.3)
    sqlite3-ruby (1.3.1)
    thor (0.14.2)
    treetop (1.4.8)
      polyglot (>= 0.3.1)
    tzinfo (0.3.23)
    warden (0.10.7)
      rack (>= 1.0.0)
    xml-simple (1.0.12)

PLATFORMS
  ruby

DEPENDENCIES
  RedCloth
  aws-s3
  devise!
  factory_girl_rails
  jquery-rails
  paperclip
  rails (= 3.0.0.rc)
  rmagick
  ruby-debug
  sqlite3-ruby
